GEM
  remote: https://packagecloud.io/cinc-project/stable/
  specs:
    chef-utils (18.3.0)
      concurrent-ruby
    mixlib-install (3.12.28)
      mixlib-shellout
      mixlib-versioning
      thor

GEM
  remote: https://rubygems.org/
  specs:
    backports (3.24.1)
    byebug (11.1.3)
    coderay (1.1.3)
    colorize (1.1.0)
    concurrent-ruby (1.2.2)
    connection_pool (2.4.1)
    diff-lcs (1.5.0)
    domain_name (0.5.20190701)
      unf (>= 0.0.5, < 1.0.0)
    http-accept (1.7.0)
    http-cookie (1.0.5)
      domain_name (~> 0.5)
    json (2.6.3)
    kgio (2.11.4)
    method_source (1.0.0)
    mime-types (3.5.1)
      mime-types-data (~> 3.2015)
    mime-types-data (3.2023.0808)
    mixlib-shellout (3.2.7)
      chef-utils
    mixlib-versioning (1.1.0)
    multi_json (1.15.0)
    netrc (0.11.0)
    pry (0.14.2)
      coderay (~> 1.1)
      method_source (~> 1.0)
    pry-byebug (3.10.1)
      byebug (~> 11.0)
      pry (>= 0.13, < 0.15)
    rack (1.6.13)
    rack-protection (1.5.5)
      rack
    rack-test (2.1.0)
      rack (>= 1.3)
    raindrops (0.20.1)
    rake (13.0.6)
    rb-readline (0.5.5)
    redis (5.0.7)
      redis-client (>= 0.9.0)
    redis-client (0.17.0)
      connection_pool
    rest-client (2.1.0)
      http-accept (>= 1.7.0, < 2.0)
      http-cookie (>= 1.0.2, < 2.0)
      mime-types (>= 1.16, < 4.0)
      netrc (~> 0.8)
    rspec (3.12.0)
      rspec-core (~> 3.12.0)
      rspec-expectations (~> 3.12.0)
      rspec-mocks (~> 3.12.0)
    rspec-core (3.12.2)
      rspec-support (~> 3.12.0)
    rspec-expectations (3.12.3)
      diff-lcs (>= 1.2.0, < 2.0)
      rspec-support (~> 3.12.0)
    rspec-its (1.3.0)
      rspec-core (>= 3.0.0)
      rspec-expectations (>= 3.0.0)
    rspec-legacy_formatters (1.0.2)
      rspec (~> 3.0)
    rspec-mocks (3.12.6)
      diff-lcs (>= 1.2.0, < 2.0)
      rspec-support (~> 3.12.0)
    rspec-rerun (1.1.0)
      rspec (~> 3.0)
    rspec-support (3.12.1)
    rspec_junit_formatter (0.6.0)
      rspec-core (>= 2, < 4, != 2.12.0)
    sinatra (1.4.8)
      rack (~> 1.5)
      rack-protection (~> 1.4)
      tilt (>= 1.3, < 3)
    sinatra-contrib (1.4.7)
      backports (>= 2.0)
      multi_json
      rack-protection
      rack-test
      sinatra (~> 1.4.0)
      tilt (>= 1.3, < 3)
    sinatra-cors (1.2.0)
    sinatra-param (1.6.0)
      sinatra (>= 1.3)
    statsd-ruby (1.5.0)
    thor (1.2.2)
    tilt (2.3.0)
    trashed (3.2.8)
      statsd-ruby (~> 1.1)
    unf (0.1.4)
      unf_ext
    unf_ext (0.0.8.2)
    unicorn (6.1.0)
      kgio (~> 2.6)
      raindrops (~> 0.7)
    yajl-ruby (1.4.3)

PLATFORMS
  ruby

DEPENDENCIES
  chef-utils!
  colorize
  json
  mixlib-install (>= 3.11.23)!
  mixlib-versioning (~> 1.1.0)!
  pry-byebug
  rack-test
  rake
  rb-readline
  redis
  rest-client
  rspec
  rspec-its
  rspec-legacy_formatters
  rspec-rerun (~> 1.1.0)
  rspec_junit_formatter
  sinatra (~> 1.4, < 2)
  sinatra-contrib
  sinatra-cors
  sinatra-param
  trashed
  unicorn
  yajl-ruby

BUNDLED WITH
   2.3.26
